GEM
  remote: https://rubygems.org/
  specs:
    motion-sqlite3 (0.5.3)
      motion.h (~> 0.0.4)
    motion.h (0.0.6)
    rake (12.3.2)

PLATFORMS
  ruby

DEPENDENCIES
  motion-sqlite3
  rake

BUNDLED WITH
   2.0.1
